{
  "TaskName": "rest",
  "SamplingFrequency": 250,
  "PowerLineFrequency": 60,
  "EEGReference": "FCz",
  "EEGChannelCount": 30,
  "EOGChannelCount": 1,
  "ECGChannelCount": 1,
  "EMGChannelCount": 0,
  "MiscChannelCount": 0,
  "RecordingType": "continuous",
  "RecordingDuration": 600,
  "EpochLength": null
}