{
	"Modality": "MR",
	"MagneticFieldStrength": 3,
	"Manufacturer": "Siemens",
	"ManufacturersModelName": "Prisma_fit",
	"InstitutionName": "Penn_State_SLEIC",
	"InstitutionalDepartmentName": "Department",
	"InstitutionAddress": "University_Park_Chandlee_Laboratory_State_College_PA_US_16802",
	"DeviceSerialNumber": "67039",
	"StationName": "AWP67039",
	"BodyPartExamined": "BRAIN",
	"PatientPosition": "HFS",
	"ProcedureStepDescription": "Investigators_20_ch_xxl213",
	"SoftwareVersions": "syngo_MR_E11",
	"MRAcquisitionType": "2D",
	"SeriesDescription": "sleep-onset-segment-5",
	"ProtocolName": "sleep-onset-segment-5",
	"ScanningSequence": "EP",
	"SequenceVariant": "SK",
	"ScanOptions": "FS_RT",
	"SequenceName": "ep10662d1_80",
	"ImageType": ["ORIGINAL", "PRIMARY", "M", "ND", "NORM", "MOSAIC"],
	"SeriesNumber": 32,
	"AcquisitionTime": "15:45:25.997500",
	"AcquisitionNumber": 1,
	"SliceThickness": 4,
	"SpacingBetweenSlices": 4,
	"SAR": 0.144903,
	"EchoTime": 0.025,
	"RepetitionTime": 2.1,
	"FlipAngle": 90,
	"PartialFourier": 1,
	"BaseResolution": 80,
	"ShimSetting": [
		-1927,
		8299,
		9529,
		346,
		-21,
		-14,
		-118,
		15	],
	"TxRefAmp": 310.739,
	"PhaseResolution": 1,
	"ReceiveCoilName": "HeadNeck_20",
	"ReceiveCoilActiveElements": "HE1-4",
	"PulseSequenceDetails": "%CustomerSeq%_ep2d_bold_1066",
	"ConsistencyInfo": "N4_VE11C_LATEST_20160120",
	"PercentPhaseFOV": 100,
	"EchoTrainLength": 80,
	"PhaseEncodingSteps": 80,
	"AcquisitionMatrixPE": 80,
	"ReconMatrixPE": 80,
	"BandwidthPerPixelPhaseEncode": 25.51,
	"EffectiveEchoSpacing": 0.000490004,
	"DerivedVendorReportedEchoSpacing": 0.000490004,
	"TotalReadoutTime": 0.0387103,
	"PixelBandwidth": 2405,
	"DwellTime": 2.6e-06,
	"PhaseEncodingDirection": "j-",
	"SliceTiming": [
		2.02,
		1.96,
		1.9,
		1.8425,
		1.7825,
		1.7225,
		1.6625,
		1.605,
		1.545,
		1.485,
		1.425,
		1.365,
		1.3075,
		1.2475,
		1.1875,
		1.1275,
		1.07,
		1.01,
		0.95,
		0.89,
		0.8325,
		0.7725,
		0.7125,
		0.6525,
		0.5925,
		0.535,
		0.475,
		0.415,
		0.355,
		0.2975,
		0.2375,
		0.1775,
		0.1175,
		0.06,
		0	],
	"ImageOrientationPatientDICOM": [
		0.997948,
		-0.0428195,
		-0.0476156,
		0.0437459,
		0.99887,
		0.018586	],
	"InPlanePhaseEncodingDirectionDICOM": "COL",
	"ConversionSoftware": "dcm2niix",
	"ConversionSoftwareVersion": "v1.0.20171215 (OpenJPEG build) GCC4.8.5",
	"TaskName": "sleep"
}
