{
	"Modality": "MR",
	"MagneticFieldStrength": 3,
	"Manufacturer": "Siemens",
	"ManufacturersModelName": "Prisma_fit",
	"InstitutionName": "PSU-SLEIC",
	"InstitutionalDepartmentName": "Department",
	"InstitutionAddress": "University_Park_Chandlee_Laboratory_State_College_PA_US_16802",
	"DeviceSerialNumber": "67039",
	"StationName": "AWP67039",
	"BodyPartExamined": "BRAIN",
	"PatientPosition": "HFS",
	"ProcedureStepDescription": "Investigators_20_ch_xxl213",
	"SoftwareVersions": "syngo_MR_E11",
	"MRAcquisitionType": "2D",
	"SeriesDescription": "resting-pre-motor",
	"ProtocolName": "resting-pre-motor",
	"ScanningSequence": "EP",
	"SequenceVariant": "SK",
	"ScanOptions": "FS_RT",
	"SequenceName": "ep10662d1_80",
	"ImageType": ["ORIGINAL", "PRIMARY", "M", "ND", "NORM", "MOSAIC"],
	"SeriesNumber": 10,
	"AcquisitionTime": "14:08:10.935000",
	"AcquisitionNumber": 1,
	"SliceThickness": 4,
	"SpacingBetweenSlices": 4,
	"SAR": 0.10852,
	"EchoTime": 0.025,
	"RepetitionTime": 2.1,
	"FlipAngle": 90,
	"PartialFourier": 1,
	"BaseResolution": 80,
	"ShimSetting": [
		-1915,
		8214,
		9517,
		352,
		-38,
		-293,
		31,
		-40	],
	"TxRefAmp": 264.494,
	"PhaseResolution": 1,
	"ReceiveCoilName": "HeadNeck_20",
	"ReceiveCoilActiveElements": "HE1-4",
	"PulseSequenceDetails": "%CustomerSeq%_ep2d_bold_1066",
	"ConsistencyInfo": "N4_VE11C_LATEST_20160120",
	"PercentPhaseFOV": 100,
	"EchoTrainLength": 80,
	"PhaseEncodingSteps": 80,
	"AcquisitionMatrixPE": 80,
	"ReconMatrixPE": 80,
	"BandwidthPerPixelPhaseEncode": 25.51,
	"EffectiveEchoSpacing": 0.000490004,
	"DerivedVendorReportedEchoSpacing": 0.000490004,
	"TotalReadoutTime": 0.0387103,
	"PixelBandwidth": 2405,
	"DwellTime": 2.6e-06,
	"PhaseEncodingDirection": "j-",
	"SliceTiming": [
		2.0225,
		1.9625,
		1.9025,
		1.8425,
		1.7825,
		1.725,
		1.665,
		1.605,
		1.545,
		1.4875,
		1.4275,
		1.3675,
		1.3075,
		1.25,
		1.19,
		1.13,
		1.07,
		1.01,
		0.9525,
		0.8925,
		0.8325,
		0.7725,
		0.715,
		0.655,
		0.595,
		0.535,
		0.4775,
		0.4175,
		0.3575,
		0.2975,
		0.24,
		0.18,
		0.12,
		0.06,
		0	],
	"ImageOrientationPatientDICOM": [
		0.995538,
		-0.0659684,
		0.0674712,
		0.0544392,
		0.985557,
		0.160355	],
	"InPlanePhaseEncodingDirectionDICOM": "COL",
	"ConversionSoftware": "dcm2niix",
	"ConversionSoftwareVersion": "v1.0.20171215 (OpenJPEG build) GCC4.8.5",
	"TaskName": "rest"
}
