{
	"Modality": "MR",
	"MagneticFieldStrength": 3,
	"Manufacturer": "Siemens",
	"ManufacturersModelName": "Prisma_fit",
	"InstitutionName": "Penn_State_SLEIC",
	"InstitutionalDepartmentName": "Department",
	"InstitutionAddress": "University_Park_Chandlee_Laboratory_State_College_PA_US_16802",
	"DeviceSerialNumber": "67039",
	"StationName": "AWP67039",
	"BodyPartExamined": "BRAIN",
	"PatientPosition": "HFS",
	"ProcedureStepDescription": "Investigators_20_ch_xxl213",
	"SoftwareVersions": "syngo_MR_E11",
	"MRAcquisitionType": "2D",
	"SeriesDescription": "sleep-onset-segment-4",
	"ProtocolName": "sleep-onset-segment-4",
	"ScanningSequence": "EP",
	"SequenceVariant": "SK",
	"ScanOptions": "FS_RT",
	"SequenceName": "ep10662d1_80",
	"ImageType": ["ORIGINAL", "PRIMARY", "M", "ND", "NORM", "MOSAIC"],
	"SeriesNumber": 32,
	"AcquisitionTime": "18:16:5.675000",
	"AcquisitionNumber": 1,
	"SliceThickness": 4,
	"SpacingBetweenSlices": 4,
	"SAR": 0.152334,
	"EchoTime": 0.025,
	"RepetitionTime": 2.1,
	"FlipAngle": 90,
	"PartialFourier": 1,
	"BaseResolution": 80,
	"ShimSetting": [
		-1897,
		8241,
		9533,
		427,
		-84,
		-326,
		26,
		22	],
	"TxRefAmp": 298.198,
	"PhaseResolution": 1,
	"ReceiveCoilName": "HeadNeck_20",
	"ReceiveCoilActiveElements": "HE1-4",
	"PulseSequenceDetails": "%CustomerSeq%_ep2d_bold_1066",
	"ConsistencyInfo": "N4_VE11C_LATEST_20160120",
	"PercentPhaseFOV": 100,
	"EchoTrainLength": 80,
	"PhaseEncodingSteps": 80,
	"AcquisitionMatrixPE": 80,
	"ReconMatrixPE": 80,
	"BandwidthPerPixelPhaseEncode": 25.51,
	"EffectiveEchoSpacing": 0.000490004,
	"DerivedVendorReportedEchoSpacing": 0.000490004,
	"TotalReadoutTime": 0.0387103,
	"PixelBandwidth": 2405,
	"DwellTime": 2.6e-06,
	"PhaseEncodingDirection": "j-",
	"SliceTiming": [
		2.02,
		1.9625,
		1.9025,
		1.8425,
		1.7825,
		1.725,
		1.665,
		1.605,
		1.545,
		1.485,
		1.4275,
		1.3675,
		1.3075,
		1.2475,
		1.19,
		1.13,
		1.07,
		1.01,
		0.9525,
		0.8925,
		0.8325,
		0.7725,
		0.7125,
		0.655,
		0.595,
		0.535,
		0.475,
		0.4175,
		0.3575,
		0.2975,
		0.2375,
		0.18,
		0.12,
		0.06,
		0	],
	"ImageOrientationPatientDICOM": [
		0.989175,
		0.139096,
		0.0467541,
		-0.141837,
		0.987972,
		0.0615874	],
	"InPlanePhaseEncodingDirectionDICOM": "COL",
	"ConversionSoftware": "dcm2niix",
	"ConversionSoftwareVersion": "v1.0.20171215 (OpenJPEG build) GCC4.8.5",
	"TaskName": "sleep"
}
