{
	"Modality": "MR",
	"MagneticFieldStrength": 3,
	"Manufacturer": "Siemens",
	"ManufacturersModelName": "Prisma_fit",
	"InstitutionName": "PSU-SLEIC",
	"InstitutionalDepartmentName": "Department",
	"InstitutionAddress": "University_Park_Chandlee_Laboratory_State_College_PA_US_16802",
	"DeviceSerialNumber": "67039",
	"StationName": "AWP67039",
	"BodyPartExamined": "BRAIN",
	"PatientPosition": "HFS",
	"ProcedureStepDescription": "Investigators_20_ch_xxl213",
	"SoftwareVersions": "syngo_MR_E11",
	"MRAcquisitionType": "2D",
	"SeriesDescription": "resting-post-motor",
	"ProtocolName": "resting-post-motor",
	"ScanningSequence": "EP",
	"SequenceVariant": "SK",
	"ScanOptions": "FS_RT",
	"SequenceName": "ep10662d1_80",
	"ImageType": ["ORIGINAL", "PRIMARY", "M", "ND", "NORM", "MOSAIC"],
	"SeriesNumber": 20,
	"AcquisitionTime": "14:48:17.665000",
	"AcquisitionNumber": 1,
	"SliceThickness": 4,
	"SpacingBetweenSlices": 4,
	"SAR": 0.171575,
	"EchoTime": 0.025,
	"RepetitionTime": 2.1,
	"FlipAngle": 90,
	"PartialFourier": 1,
	"BaseResolution": 80,
	"ShimSetting": [
		-1917,
		8278,
		9500,
		339,
		-46,
		-111,
		57,
		-17	],
	"TxRefAmp": 312.208,
	"PhaseResolution": 1,
	"ReceiveCoilName": "HeadNeck_20",
	"ReceiveCoilActiveElements": "HE1-4",
	"PulseSequenceDetails": "%CustomerSeq%_ep2d_bold_1066",
	"ConsistencyInfo": "N4_VE11C_LATEST_20160120",
	"PercentPhaseFOV": 100,
	"EchoTrainLength": 80,
	"PhaseEncodingSteps": 80,
	"AcquisitionMatrixPE": 80,
	"ReconMatrixPE": 80,
	"BandwidthPerPixelPhaseEncode": 25.51,
	"EffectiveEchoSpacing": 0.000490004,
	"DerivedVendorReportedEchoSpacing": 0.000490004,
	"TotalReadoutTime": 0.0387103,
	"PixelBandwidth": 2405,
	"DwellTime": 2.6e-06,
	"PhaseEncodingDirection": "j-",
	"SliceTiming": [
		2.02,
		1.96,
		1.9,
		1.84,
		1.7825,
		1.7225,
		1.6625,
		1.6025,
		1.545,
		1.485,
		1.425,
		1.365,
		1.305,
		1.2475,
		1.1875,
		1.1275,
		1.0675,
		1.01,
		0.95,
		0.89,
		0.83,
		0.7725,
		0.7125,
		0.6525,
		0.5925,
		0.5325,
		0.475,
		0.415,
		0.355,
		0.295,
		0.2375,
		0.1775,
		0.1175,
		0.0575,
		0	],
	"ImageOrientationPatientDICOM": [
		0.993228,
		-0.0920209,
		0.0709213,
		0.0959869,
		0.993879,
		-0.0546991	],
	"InPlanePhaseEncodingDirectionDICOM": "COL",
	"ConversionSoftware": "dcm2niix",
	"ConversionSoftwareVersion": "v1.0.20171215 (OpenJPEG build) GCC4.8.5",
	"TaskName": "rest"
}
